GEM
  remote: https://rubygems.org/
  specs:
    CFPropertyList (2.2.8)
    colored (1.2)
    cri (2.4.1)
      colored (>= 1.2)
    facter (2.4.6)
      CFPropertyList (~> 2.2.6)
    hiera (1.3.4)
      json_pure
    hiera-puppet (1.0.0)
      hiera (~> 1.0)
    json_pure (2.0.1)
    log4r (1.1.10)
    puppet (3.7.5)
      facter (> 1.6, < 3)
      hiera (~> 1.0)
      json_pure
    r10k (1.1.4)
      colored (>= 1.2)
      cri (~> 2.4.0)
      json_pure
      log4r (>= 1.1.10)
      systemu (~> 2.5.2)
    systemu (2.5.2)

PLATFORMS
  ruby

DEPENDENCIES
  hiera (~> 1.3.4)
  hiera-puppet (~> 1.0.0)
  puppet (~> 3.7.2)
  r10k (~> 1.1.4)

BUNDLED WITH
   1.12.5
